GEM
  remote: https://rubygems.org/
  specs:
    forking_test_runner (1.3.0)
      parallel_tests (>= 1.3.7)
    minitest (5.11.3)
    parallel (1.13.0)
    parallel_tests (2.28.0)
      parallel
    rake (12.3.2)
    single_cov (1.3.0)

PLATFORMS
  ruby

DEPENDENCIES
  forking_test_runner
  minitest
  rake
  single_cov
